GEM
  remote: https://gems.ruby-china.com/
  specs:
    backports (3.15.0)
    bcrypt (3.1.13)
    json (2.3.0)
    logger (1.4.2)
    multi_json (1.14.1)
    mustermann (1.0.3)
    mysql2 (0.5.3)
    rack (2.0.8)
    rack-protection (2.0.7)
      rack
    require_all (3.0.0)
    sequel (5.27.0)
    sinatra (2.0.7)
      mustermann (~> 1.0)
      rack (~> 2.0)
      rack-protection (= 2.0.7)
      tilt (~> 2.0)
    sinatra-contrib (2.0.7)
      backports (>= 2.8.2)
      multi_json
      mustermann (~> 1.0)
      rack-protection (= 2.0.7)
      sinatra (= 2.0.7)
      tilt (~> 2.0)
    sinatra-cross_origin (0.3.2)
    sinatra-namespace (1.0)
      sinatra-contrib
    sinatra-reloader (1.0)
      sinatra-contrib
    tilt (2.0.10)

PLATFORMS
  ruby

DEPENDENCIES
  bcrypt
  json
  logger
  mysql2
  require_all
  sequel
  sinatra
  sinatra-contrib
  sinatra-cross_origin (~> 0.3.1)
  sinatra-namespace
  sinatra-reloader

BUNDLED WITH
   1.17.2
